GEM
  remote: https://rubygems.org/
  specs:
    addressable (2.8.7)
      public_suffix (>= 2.0.2, < 7.0)
    bigdecimal (3.1.8)
    chef-utils (18.5.0)
      concurrent-ruby
    claide (1.1.0)
    claide-plugins (0.9.2)
      cork
      nap
      open4 (~> 1.3)
    coderay (1.1.3)
    colored2 (3.1.2)
    concurrent-ruby (1.3.4)
    cork (0.3.0)
      colored2 (~> 3.1)
    danger (9.5.0)
      claide (~> 1.0)
      claide-plugins (>= 0.9.2)
      colored2 (~> 3.1)
      cork (~> 0.1)
      faraday (>= 0.9.0, < 3.0)
      faraday-http-cache (~> 2.0)
      git (~> 1.13)
      kramdown (~> 2.3)
      kramdown-parser-gfm (~> 1.0)
      octokit (>= 4.0)
      terminal-table (>= 1, < 4)
    danger-plugin-api (1.0.0)
      danger (> 2.0)
    danger-textlint (2.0.4)
      danger-plugin-api (~> 1.0)
    date (3.4.1)
    faraday (2.11.0)
      faraday-net_http (>= 2.0, < 3.4)
      logger
    faraday-http-cache (2.5.1)
      faraday (>= 0.8)
    faraday-net_http (3.3.0)
      net-http
    git (1.19.1)
      addressable (~> 2.8)
      rchardet (~> 1.8)
    json (2.10.2)
    jsonlint (0.4.0)
      oj (~> 3)
      optimist (~> 3)
    kramdown (2.4.0)
      rexml
    kramdown-parser-gfm (1.1.0)
      kramdown (~> 2.0)
    logger (1.6.6)
    mdl (0.13.0)
      kramdown (~> 2.3)
      kramdown-parser-gfm (~> 1.1)
      mixlib-cli (~> 2.1, >= 2.1.1)
      mixlib-config (>= 2.2.1, < 4)
      mixlib-shellout
    method_source (1.1.0)
    mixlib-cli (2.1.8)
    mixlib-config (3.0.27)
      tomlrb
    mixlib-shellout (3.2.8)
      chef-utils
    nap (1.1.0)
    net-http (0.4.1)
      uri
    octokit (9.2.0)
      faraday (>= 1, < 3)
      sawyer (~> 0.9)
    oj (3.16.5)
      bigdecimal (>= 3.0)
      ostruct (>= 0.2)
    open-uri (0.5.0)
      stringio
      time
      uri
    open4 (1.3.4)
    optimist (3.1.0)
    ostruct (0.6.0)
    pdfkit (0.8.7.3)
    pry (0.15.2)
      coderay (~> 1.1)
      method_source (~> 1.0)
    public_suffix (6.0.1)
    rake (13.2.1)
    rb-readline (0.5.5)
    rchardet (1.8.0)
    rexml (3.3.9)
    sawyer (0.9.2)
      addressable (>= 2.3.5)
      faraday (>= 0.17.3, < 3)
    stringio (3.1.7)
    terminal-table (3.0.2)
      unicode-display_width (>= 1.1.1, < 3)
    time (0.4.1)
      date
    tomlrb (2.0.3)
    unicode-display_width (2.5.0)
    uri (1.0.3)
    yaml (0.4.0)
    yaml-lint (0.1.2)

PLATFORMS
  ruby
  x86_64-linux

DEPENDENCIES
  danger (~> 9.5)
  danger-textlint (~> 2.0)
  json (~> 2.10)
  jsonlint (~> 0.4)
  mdl (~> 0.13)
  octokit (~> 9.2)
  open-uri (~> 0.3)
  pdfkit (~> 0.8)
  pry (~> 0.15)
  rake (~> 13.2)
  rb-readline (~> 0.5)
  yaml (~> 0.4)
  yaml-lint (~> 0.1)

BUNDLED WITH
   2.5.4
