GEM
  remote: https://rubygems.org/
  specs:
    json (2.1.0)
    rake (12.3.1)

PLATFORMS
  ruby

DEPENDENCIES
  json (~> 2.1)
  rake (~> 12.3)

BUNDLED WITH
   1.16.1
